GEM
  remote: https://rubygems.org/
  specs:
    addressable (2.7.0)
      public_suffix (>= 2.0.2, < 5.0)
    coderay (1.1.3)
    concurrent-ruby (1.1.8)
    ffi (1.14.2)
    forme (1.11.0)
    i18n (1.8.8)
      concurrent-ruby (~> 1.0)
    launchy (2.5.0)
      addressable (~> 2.7)
    letter_opener (1.7.0)
      launchy (~> 2.2)
    mail (2.7.1)
      mini_mime (>= 0.1.1)
    method_source (1.0.0)
    mina (1.2.3)
      open4 (~> 1.3.4)
      rake
    mini_magick (4.11.0)
    mini_mime (1.0.2)
    nio4r (2.5.4)
    open4 (1.3.4)
    pagy (3.10.0)
    pry (0.13.1)
      coderay (~> 1.1)
      method_source (~> 1.0)
    public_suffix (4.0.6)
    puma (5.2.0)
      nio4r (~> 2.0)
    rack (2.2.3)
    rack_csrf (2.6.0)
      rack (>= 1.1.0)
    rake (13.0.3)
    roda (3.40.0)
      rack
    sassc (2.4.0)
      ffi (~> 1.9)
    sequel (5.41.0)
    sqlite3 (1.4.2)
    tilt (2.0.10)

PLATFORMS
  x86_64-openbsd

DEPENDENCIES
  forme
  i18n
  letter_opener
  mail
  mina
  mini_magick
  pagy
  pry
  puma
  rack_csrf
  rake
  roda
  sassc
  sequel
  sqlite3
  tilt

BUNDLED WITH
   2.2.3
