GEM
  remote: https://rubygems.org/
  specs:
    addressable (2.7.0)
      public_suffix (>= 2.0.2, < 5.0)
    coderay (1.1.3)
    concurrent-ruby (1.1.6)
    ffi (1.13.1)
    i18n (1.8.3)
      concurrent-ruby (~> 1.0)
    launchy (2.5.0)
      addressable (~> 2.7)
    letter_opener (1.7.0)
      launchy (~> 2.2)
    mail (2.7.1)
      mini_mime (>= 0.1.1)
    method_source (1.0.0)
    mini_mime (1.0.2)
    mobility (0.8.13)
      i18n (>= 0.6.10, < 2)
      request_store (~> 1.0)
    nio4r (2.5.2)
    pry (0.13.1)
      coderay (~> 1.1)
      method_source (~> 1.0)
    public_suffix (4.0.5)
    puma (4.3.5)
      nio4r (~> 2.0)
    r18n-core (3.2.0)
    rack (2.2.3)
    rack_csrf (2.6.0)
      rack (>= 1.1.0)
    rake (13.0.1)
    request_store (1.5.0)
      rack (>= 1.4)
    roda (3.33.0)
      rack
    roda-i18n (0.4.0)
      r18n-core (~> 3.0)
      roda (~> 3.7)
      tilt
    sassc (2.4.0)
      ffi (~> 1.9)
    sequel (5.34.0)
    sqlite3 (1.4.2)
    tilt (2.0.10)

PLATFORMS
  ruby

DEPENDENCIES
  letter_opener
  mail
  mobility
  pry
  puma
  rack_csrf
  rake
  roda
  roda-i18n
  sassc
  sequel
  sqlite3
  tilt

BUNDLED WITH
   2.0.2
