GEM
  remote: https://rubygems.org/
  specs:
    ffi (1.11.3)
    nio4r (2.5.2)
    puma (4.3.1)
      nio4r (~> 2.0)
    rack (2.0.8)
    rake (13.0.1)
    roda (3.27.0)
      rack
    sassc (2.2.1)
      ffi (~> 1.9)
    tilt (2.0.10)

PLATFORMS
  ruby

DEPENDENCIES
  puma
  rake
  roda
  sassc
  tilt

BUNDLED WITH
   2.0.2
