GEM
  remote: https://rubygems.org/
  specs:
    coderay (1.1.2)
    concurrent-ruby (1.1.6)
    ffi (1.12.2)
    i18n (1.8.2)
      concurrent-ruby (~> 1.0)
    method_source (1.0.0)
    mobility (0.8.13)
      i18n (>= 0.6.10, < 2)
      request_store (~> 1.0)
    nio4r (2.5.2)
    pry (0.13.1)
      coderay (~> 1.1)
      method_source (~> 1.0)
    puma (4.3.5)
      nio4r (~> 2.0)
    r18n-core (3.2.0)
    rack (2.2.2)
    rake (13.0.1)
    request_store (1.5.0)
      rack (>= 1.4)
    roda (3.32.0)
      rack
    roda-i18n (0.4.0)
      r18n-core (~> 3.0)
      roda (~> 3.7)
      tilt
    sassc (2.3.0)
      ffi (~> 1.9)
    sequel (5.32.0)
    sqlite3 (1.4.2)
    tilt (2.0.10)

PLATFORMS
  ruby

DEPENDENCIES
  mobility
  pry
  puma
  rake
  roda
  roda-i18n
  sassc
  sequel
  sqlite3
  tilt

BUNDLED WITH
   2.0.2
