GEM
  remote: https://rubygems.org/
  specs:
    coderay (1.1.2)
    ffi (1.11.3)
    method_source (0.9.2)
    nio4r (2.5.2)
    pry (0.12.2)
      coderay (~> 1.1.0)
      method_source (~> 0.9.0)
    puma (4.3.1)
      nio4r (~> 2.0)
    r18n-core (3.2.0)
    rack (2.0.8)
    rake (13.0.1)
    roda (3.27.0)
      rack
    roda-i18n (0.4.0)
      r18n-core (~> 3.0)
      roda (~> 3.7)
      tilt
    sassc (2.2.1)
      ffi (~> 1.9)
    tilt (2.0.10)

PLATFORMS
  ruby

DEPENDENCIES
  pry
  puma
  rake
  roda
  roda-i18n
  sassc
  tilt

BUNDLED WITH
   2.0.2
